PATH
  remote: .
  specs:
    migratio (0.0.3)
      sidekiq

GEM
  remote: https://rubygems.org/
  specs:
    ast (2.0.0)
    celluloid (0.16.0)
      timers (~> 4.0.0)
    connection_pool (2.1.1)
    hitimes (1.2.2)
    hound-tools (0.0.5)
      rubocop (= 0.25.0)
      thor
    json (1.8.2)
    parser (2.2.0.2)
      ast (>= 1.1, < 3.0)
    powerpack (0.0.9)
    rainbow (2.0.0)
    rake (10.4.2)
    redis (3.2.0)
    redis-namespace (1.5.1)
      redis (~> 3.0, >= 3.0.4)
    rubocop (0.25.0)
      parser (>= 2.2.0.pre.4, < 3.0)
      powerpack (~> 0.0.6)
      rainbow (>= 1.99.1, < 3.0)
      ruby-progressbar (~> 1.4)
    ruby-progressbar (1.7.0)
    sidekiq (3.3.0)
      celluloid (>= 0.16.0)
      connection_pool (>= 2.0.0)
      json
      redis (>= 3.0.6)
      redis-namespace (>= 1.3.1)
    thor (0.19.1)
    timers (4.0.1)
      hitimes

PLATFORMS
  ruby

DEPENDENCIES
  bundler
  hound-tools (~> 0.0.4)
  migratio!
  rake
