PATH
  remote: .
  specs:
    migratio (0.0.3)
      sidekiq

GEM
  remote: https://rubygems.org/
  specs:
    concurrent-ruby (1.0.0)
    connection_pool (2.2.0)
    rake (10.5.0)
    redis (3.2.2)
    sidekiq (4.0.2)
      concurrent-ruby (~> 1.0)
      connection_pool (~> 2.2, >= 2.2.0)
      redis (~> 3.2, >= 3.2.1)

PLATFORMS
  ruby

DEPENDENCIES
  bundler (~> 1.8)
  migratio!
  rake (~> 10.4)

BUNDLED WITH
   1.11.2
